PATH
  remote: 03_simon_says/titlecase-0.1.1
  specs:
    titlecase (0.1.1)

GEM
  remote: https://rubygems.org/
  specs:
    diff-lcs (1.3)
    rake (10.5.0)
    rspec (3.5.0)
      rspec-core (~> 3.5.0)
      rspec-expectations (~> 3.5.0)
      rspec-mocks (~> 3.5.0)
    rspec-core (3.5.4)
      rspec-support (~> 3.5.0)
    rspec-expectations (3.5.0)
      diff-lcs (>= 1.2.0, < 2.0)
      rspec-support (~> 3.5.0)
    rspec-mocks (3.5.0)
      diff-lcs (>= 1.2.0, < 2.0)
      rspec-support (~> 3.5.0)
    rspec-support (3.5.0)

PLATFORMS
  ruby

DEPENDENCIES
  rake (< 11.0)
  rspec (~> 3.4)
  titlecase!

BUNDLED WITH
   1.14.5
